GEM
  specs:
    casting (0.7.1)

PLATFORMS
  ruby

DEPENDENCIES
  casting
